GIT
  remote: git://github.com/runemadsen/p5.git
  revision: d3529c743593f85a974a54d43be630a85658a4ba
  specs:
    p5 (0.0.2)
      headless (= 1.0.1)

GEM
  remote: https://rubygems.org/
  specs:
    daemons (1.1.9)
    eventmachine (1.0.3)
    headless (1.0.1)
    rack (1.4.1)
    rack-protection (1.2.0)
      rack
    shotgun (0.9)
      rack (>= 1.0)
    sinatra (1.3.3)
      rack (~> 1.3, >= 1.3.6)
      rack-protection (~> 1.2)
      tilt (~> 1.3, >= 1.3.3)
    thin (1.5.1)
      daemons (>= 1.0.9)
      eventmachine (>= 0.12.6)
      rack (>= 1.0.0)
    tilt (1.3.3)

PLATFORMS
  ruby

DEPENDENCIES
  headless
  p5 (= 0.0.2)!
  shotgun
  sinatra
  thin
